GEM
  remote: http://rubygems.org/
  specs:
    iconv (1.0.4)

PLATFORMS
  ruby

DEPENDENCIES
  iconv
